GEM
  remote: https://artifacts.mms-at-work.de/artifactory/prj-devops-gem-all/
  specs:
    CFPropertyList (2.2.8)
    artifactory (2.8.1)
    aws-sdk (2.8.11)
      aws-sdk-resources (= 2.8.11)
    aws-sdk-core (2.8.11)
      aws-sigv4 (~> 1.0)
      jmespath (~> 1.0)
    aws-sdk-resources (2.8.11)
      aws-sdk-core (= 2.8.11)
    aws-sigv4 (1.0.0)
    diff-lcs (1.3)
    excon (0.55.0)
    facter (2.4.6-x64-mingw32)
      ffi (~> 1.9.5)
      win32-dir (~> 0.4.8)
      win32-security (~> 0.2.5)
    faraday (0.9.2)
      multipart-post (>= 1.2, < 3)
    faraday_middleware (0.10.1)
      faraday (>= 0.7.4, < 1.0)
    fast_gettext (1.1.0)
    ffi (1.9.18-x64-mingw32)
    gettext (3.2.2)
      locale (>= 2.0.5)
      text (>= 1.3.0)
    gettext-setup (0.18)
      fast_gettext (~> 1.1.0)
      gettext (>= 3.0.2)
      locale
    hiera (3.3.1-x64-mingw32)
      win32-dir (~> 0.4.8)
    hiera-eyaml (2.1.0)
      highline (~> 1.6.19)
      trollop (~> 2.0)
    highline (1.6.21)
    jmespath (1.3.1)
    json (1.8.1)
    json_pure (1.8.6)
    kitchen-ec2 (1.3.2)
      aws-sdk (~> 2)
      excon
      multi_json
      retryable (~> 2.0)
      test-kitchen (~> 1.4, >= 1.4.1)
    kitchen-puppet (1.46.3)
      net-ssh (~> 3)
      test-kitchen (~> 1.4)
    kitchen-transport-rsync (0.1.2)
      test-kitchen (~> 1.4)
    kitchen-vagrant (1.0.0)
      test-kitchen (~> 1.4)
    librarian-puppet (2.2.3b)
      librarianp (>= 0.6.3)
      puppet_forge (~> 2.1)
      rsync
    librarianp (0.6.3)
      thor (~> 0.15)
    locale (2.1.2)
    minitar (0.5.4)
    mixlib-install (2.1.12)
      artifactory
      mixlib-shellout
      mixlib-versioning
      thor
    mixlib-shellout (2.2.1-universal-mingw32)
      win32-process (~> 0.7.5)
    mixlib-versioning (1.1.0)
    multi_json (1.12.1)
    multipart-post (2.0.0)
    net-scp (1.2.1)
      net-ssh (>= 2.6.5)
    net-ssh (3.3.0.beta1)
    net-ssh-gateway (1.3.0)
      net-ssh (>= 2.6.5)
    net-telnet (0.1.1)
    puppet (4.9.4-x64-mingw32)
      facter (> 2.0, < 4)
      ffi (~> 1.9.6)
      gettext-setup (>= 0.10, < 1)
      hiera (>= 2.0, < 4)
      json_pure (~> 1.8)
      locale (~> 2.1)
      minitar (~> 0.5.4)
      win32-dir (= 0.4.9)
      win32-eventlog (= 0.6.5)
      win32-process (= 0.7.5)
      win32-security (= 0.2.5)
      win32-service (= 0.8.8)
    puppet-lint (2.0.2)
    puppet_forge (2.2.3)
      faraday (~> 0.9.0)
      faraday_middleware (>= 0.9.0, < 0.11.0)
      gettext-setup (~> 0.11)
      minitar
      semantic_puppet (~> 0.1.0)
    rake (11.3.0)
    retryable (2.0.4)
    rspec (3.5.0)
      rspec-core (~> 3.5.0)
      rspec-expectations (~> 3.5.0)
      rspec-mocks (~> 3.5.0)
    rspec-core (3.5.4)
      rspec-support (~> 3.5.0)
    rspec-expectations (3.5.0)
      diff-lcs (>= 1.2.0, < 2.0)
      rspec-support (~> 3.5.0)
    rspec-its (1.2.0)
      rspec-core (>= 3.0.0)
      rspec-expectations (>= 3.0.0)
    rspec-mocks (3.5.0)
      diff-lcs (>= 1.2.0, < 2.0)
      rspec-support (~> 3.5.0)
    rspec-support (3.5.0)
    rsync (1.0.9)
    safe_yaml (1.0.4)
    semantic_puppet (0.1.4)
      gettext-setup (>= 0.3)
    serverspec (2.37.2)
      multi_json
      rspec (~> 3.0)
      rspec-its
      specinfra (~> 2.53)
    sfl (2.3)
    specinfra (2.67.6)
      net-scp
      net-ssh (>= 2.7, < 5.0)
      net-telnet
      sfl
    test-kitchen (1.15.0)
      mixlib-install (>= 1.2, < 3.0)
      mixlib-shellout (>= 1.2, < 3.0)
      net-scp (~> 1.1)
      net-ssh (>= 2.9, < 5.0)
      net-ssh-gateway (~> 1.2)
      safe_yaml (~> 1.0)
      thor (~> 0.18)
    text (1.3.1)
    thor (0.19.4)
    trollop (2.1.2)
    win32-dir (0.4.9)
      ffi (>= 1.0.0)
    win32-eventlog (0.6.5)
      ffi
    win32-process (0.7.5)
      ffi (>= 1.0.0)
    win32-security (0.2.5)
      ffi
    win32-service (0.8.8)
      ffi
    yamllint (0.0.9)
      trollop (~> 2)

PLATFORMS
  x64-mingw32

DEPENDENCIES
  CFPropertyList (= 2.2.8)
  hiera-eyaml (= 2.1.0)
  json (= 1.8.1)
  kitchen-ec2
  kitchen-puppet (= 1.46.3)
  kitchen-transport-rsync (= 0.1.2)
  kitchen-vagrant (= 1.0.0)
  librarian-puppet (= 2.2.3b)
  net-ssh (>= 3.2.1.beta1, < 4.0.0.alpha1)
  puppet (>= 4.5.0)
  puppet-lint (= 2.0.2)
  rake (= 11.3.0)
  rspec (= 3.5.0)
  rsync (= 1.0.9)
  serverspec (= 2.37.2)
  test-kitchen (= 1.15.0)
  yamllint (= 0.0.9)

BUNDLED WITH
   1.14.3
